PATH
  remote: .
  specs:
    hello_rubymine (0.1.0)

GEM
  remote: https://rubygems.org/
  specs:
    minitest (5.16.3)
    rake (13.0.6)

PLATFORMS
  x86_64-darwin-22

DEPENDENCIES
  hello_rubymine!
  minitest (~> 5.0)
  rake (~> 13.0)

BUNDLED WITH
   2.4.1
